PATH
  remote: .
  specs:
    yard-tunrip (1.0.0.pre)
      cucumber (>= 2.0, < 4.0)
      gherkin (>= 4.0, < 6.0)
      yard (~> 0.8, >= 0.8.1)

GEM
  remote: https://rubygems.org/
  specs:
    backports (3.18.1)
    builder (3.2.4)
    cucumber (3.2.0)
      builder (>= 2.1.2)
      cucumber-core (~> 3.2.0)
      cucumber-expressions (~> 6.0.1)
      cucumber-wire (~> 0.0.1)
      diff-lcs (~> 1.3)
      gherkin (~> 5.1.0)
      multi_json (>= 1.7.5, < 2.0)
      multi_test (>= 0.1.2)
    cucumber-core (3.2.1)
      backports (>= 3.8.0)
      cucumber-tag_expressions (~> 1.1.0)
      gherkin (~> 5.0)
    cucumber-expressions (6.0.1)
    cucumber-tag_expressions (1.1.1)
    cucumber-wire (0.0.1)
    diff-lcs (1.4.2)
    gherkin (5.1.0)
    multi_json (1.14.1)
    multi_test (0.1.2)
    rake (10.5.0)
    redcarpet (3.5.0)
    yard (0.9.25)

PLATFORMS
  ruby

DEPENDENCIES
  gherkin (>= 4.0, < 6.0)
  rake (~> 10)
  redcarpet
  yard-tunrip!

BUNDLED WITH
   2.1.4
